GEM
  remote: https://rubygems.org/
  specs:
    ansi (1.5.0)
    builder (3.2.4)
    coderay (1.1.3)
    docile (1.3.2)
    dotenv (2.7.6)
    httparty (0.18.1)
      mime-types (~> 3.0)
      multi_xml (>= 0.5.2)
    method_source (1.0.0)
    mime-types (3.3.1)
      mime-types-data (~> 3.2015)
    mime-types-data (3.2020.0512)
    minitest (5.14.2)
    minitest-reporters (1.4.2)
      ansi
      builder
      minitest (>= 5.0)
      ruby-progressbar
    minitest-skip (0.0.3)
      minitest (~> 5.0)
    minitest-spec (0.0.2.1)
      minitest (>= 3.0)
    multi_xml (0.6.0)
    pry (0.13.1)
      coderay (~> 1.1)
      method_source (~> 1.0)
    rake (13.0.1)
    ruby-progressbar (1.10.1)
    simplecov (0.19.0)
      docile (~> 1.1)
      simplecov-html (~> 0.11)
    simplecov-html (0.12.3)
    table_print (1.5.7)
    vcr (6.0.0)

PLATFORMS
  ruby

DEPENDENCIES
  dotenv
  httparty
  minitest
  minitest-reporters
  minitest-skip
  minitest-spec
  pry
  rake
  simplecov
  table_print
  vcr

BUNDLED WITH
   2.1.4
